GEM
  remote: https://rubygems.org/
  specs:
    addressable (2.3.8)
    faraday (0.9.2)
      multipart-post (>= 1.2, < 3)
    faraday_middleware (0.9.2)
      faraday (>= 0.7.4, < 0.10)
    hashie (3.4.3)
    instagram (1.1.6)
      faraday (>= 0.7, < 0.10)
      faraday_middleware (>= 0.8, < 0.10)
      hashie (>= 0.4.0)
      multi_json (~> 1.0, >= 1.0.3)
    json (1.8.3)
    mime-types (1.25.1)
    multi_json (1.11.2)
    multipart-post (2.0.0)
    mysql (2.9.1)
    rest-client (1.6.9)
      mime-types (~> 1.16)
    sequel (4.29.0)
    simple-rss (1.3.1)
    unirest (1.1.2)
      addressable (~> 2.3.5)
      json (~> 1.8.1)
      rest-client (~> 1.6.7)

PLATFORMS
  ruby

DEPENDENCIES
  instagram
  mysql
  sequel
  simple-rss
  unirest

BUNDLED WITH
   1.10.6
